GEM
  remote: http://rubygems.org/
  specs:
    bluecloth (2.0.9)
    daemons (1.1.0)
    eventmachine (0.12.10)
    gli (1.2.5)
    json (1.4.6)
    nokogiri (1.4.4)
    rack (1.2.1)
    rmagick (2.13.1)
    showoff (0.3.4)
      bluecloth
      gli (>= 1.1.1)
      json
      nokogiri
      sinatra
    sinatra (1.1.2)
      rack (~> 1.1)
      tilt (~> 1.2)
    thin (1.2.7)
      daemons (>= 1.0.9)
      eventmachine (>= 0.12.6)
      rack (>= 1.0.0)
    tilt (1.2.1)

PLATFORMS
  ruby

DEPENDENCIES
  rmagick
  showoff
  thin
